NUGET
  remote: http://www.nuget.org/api/v2
  specs:
    BenchShark (1.0.0)
    ConsoleDump (0.6.0.1)
    FAKE (4.1.0)
    FSharp.Compiler.Service (0.0.87)
    FSharp.Core (3.1.2.5)
    FSharp.Formatting (2.10.0)
      FSharp.Compiler.Service (>= 0.0.87)
      FSharpVSPowerTools.Core (1.8.0)
    FSharpVSPowerTools.Core (1.8.0)
      FSharp.Compiler.Service (>= 0.0.87)
    FsUnit (1.3.1.0)
      NUnit (2.6.4)
    MathNet.Numerics (3.0.0)
    NuGet.CommandLine (2.8.6)
    NUnit (2.6.4)
    NUnit.Runners (2.6.4)
    TaskParallelLibrary (1.0.2856)
